GEM
  remote: https://rubygems.org/
  specs:
    concurrent-ruby (1.1.10)
    ffi (1.15.5)
    ffi (1.15.5-x64-mingw-ucrt)
    jekyll-paginate (1.1.0)
    jekyll-watch (2.2.1)
      listen (~> 3.0)
    kramdown (2.4.0)
      rexml
    kramdown-parser-gfm (1.1.0)
      kramdown (~> 2.0)
    listen (3.7.1)
      rb-fsevent (~> 0.10, >= 0.10.3)
      rb-inotify (~> 0.9, >= 0.9.10)
    rb-fsevent (0.11.2)
    rb-inotify (0.10.1)
      ffi (~> 1.0)
    rexml (3.2.5)
    tzinfo (2.0.5)
      concurrent-ruby (~> 1.0)
    tzinfo-data (1.2022.3)
      tzinfo (>= 1.0.0)
    webrick (1.7.0)

PLATFORMS
  universal-darwin-20
  x64-mingw-ucrt
  x64-unknown

DEPENDENCIES
  jekyll-paginate
  jekyll-watch
  kramdown-parser-gfm
  tzinfo
  tzinfo-data
  webrick

BUNDLED WITH
   2.3.10
